GEM
  remote: https://rubygems.org/
  specs:
    archive-zip (0.12.0)
      io-like (~> 0.3.0)
    cloudwalk_handshake (1.22.1)
      funky-simplehttp (~> 0.6)
    da_funk (3.34.1)
      archive-zip (~> 0.5)
      bundler
      cloudwalk_handshake
      funky-emv
      posxml_parser
      rake
    funky-emv (1.4.1)
      funky-tlv (~> 0.2)
    funky-simplehttp (0.6.0)
    funky-tlv (0.2.3)
    io-like (0.3.1)
    posxml_parser (2.26.0)
      funky-emv (~> 1)
    rake (13.0.3)

PLATFORMS
  ruby

DEPENDENCIES
  archive-zip
  da_funk
  rake

BUNDLED WITH
   1.15.1
